PATH
  remote: .
  specs:
    synapse (0.9.1)
      docker-api (~> 1.7.2)
      eventmachine (~> 1.0.3)
      zk (~> 1.9.2)

GEM
  remote: https://rubygems.org/
  specs:
    archive-tar-minitar (0.5.2)
    coderay (1.0.9)
    diff-lcs (1.2.4)
    docker-api (1.7.6)
      archive-tar-minitar
      excon (>= 0.28)
      json
    eventmachine (1.0.3)
    excon (0.32.1)
    json (1.8.1)
    little-plugger (1.1.3)
    logging (1.8.2)
      little-plugger (>= 1.1.3)
      multi_json (>= 1.8.4)
    method_source (0.8.2)
    multi_json (1.9.0)
    pry (0.9.12.2)
      coderay (~> 1.0.5)
      method_source (~> 0.8)
      slop (~> 3.4)
    pry-nav (0.2.3)
      pry (~> 0.9.10)
    rake (10.1.1)
    rspec (2.14.1)
      rspec-core (~> 2.14.0)
      rspec-expectations (~> 2.14.0)
      rspec-mocks (~> 2.14.0)
    rspec-core (2.14.5)
    rspec-expectations (2.14.2)
      diff-lcs (>= 1.1.3, < 2.0)
    rspec-mocks (2.14.3)
    slop (3.4.6)
    zk (1.9.4)
      logging (~> 1.8.2)
      zookeeper (~> 1.4.0)
    zookeeper (1.4.8)

PLATFORMS
  ruby

DEPENDENCIES
  pry
  pry-nav
  rake
  rspec
  synapse!
