PATH
  remote: .
  specs:
    synapse (0.10.0)
      docker-api (~> 1.7.2)
      zk (~> 1.9.4)

GEM
  remote: https://rubygems.org/
  specs:
    archive-tar-minitar (0.5.2)
    coderay (1.1.0)
    diff-lcs (1.2.5)
    docker-api (1.7.6)
      archive-tar-minitar
      excon (>= 0.28)
      json
    excon (0.33.0)
    ffi (1.9.3-java)
    json (1.8.1)
    json (1.8.1-java)
    little-plugger (1.1.3)
    logging (1.8.2)
      little-plugger (>= 1.1.3)
      multi_json (>= 1.8.4)
    method_source (0.8.2)
    multi_json (1.10.1)
    pry (0.9.12.6)
      coderay (~> 1.0)
      method_source (~> 0.8)
      slop (~> 3.4)
    pry (0.9.12.6-java)
      coderay (~> 1.0)
      method_source (~> 0.8)
      slop (~> 3.4)
      spoon (~> 0.0)
    pry-nav (0.2.3)
      pry (~> 0.9.10)
    rake (10.3.2)
    rspec (2.14.1)
      rspec-core (~> 2.14.0)
      rspec-expectations (~> 2.14.0)
      rspec-mocks (~> 2.14.0)
    rspec-core (2.14.8)
    rspec-expectations (2.14.5)
      diff-lcs (>= 1.1.3, < 2.0)
    rspec-mocks (2.14.6)
    slop (3.5.0)
    slyphon-log4j (1.2.15)
    slyphon-zookeeper_jar (3.3.5-java)
    spoon (0.0.4)
      ffi
    zk (1.9.4)
      logging (~> 1.8.2)
      zookeeper (~> 1.4.0)
    zookeeper (1.4.8)
    zookeeper (1.4.8-java)
      slyphon-log4j (= 1.2.15)
      slyphon-zookeeper_jar (= 3.3.5)

PLATFORMS
  java
  ruby

DEPENDENCIES
  pry
  pry-nav
  rake
  rspec
  synapse!
